GEM
  remote: https://rubygems.org/
  specs:
    addressable (2.7.0)
      public_suffix (>= 2.0.2, < 5.0)
    backports (3.15.0)
    coderay (1.1.2)
    crack (0.4.3)
      safe_yaml (~> 1.0.0)
    diff-lcs (1.3)
    hashdiff (1.0.1)
    method_source (1.0.0)
    mixlib-install (3.12.1)
      mixlib-shellout
      mixlib-versioning
      thor
    mixlib-shellout (3.0.9)
    mixlib-versioning (1.2.12)
    multi_json (1.14.1)
    mustermann (1.1.0)
      ruby2_keywords (~> 0.0.1)
    pry (0.13.1)
      coderay (~> 1.1)
      method_source (~> 1.0)
    public_suffix (4.0.3)
    rack (2.0.8)
    rack-protection (2.0.8.1)
      rack
    rack-test (1.1.0)
      rack (>= 1.0, < 3)
    rspec (3.9.0)
      rspec-core (~> 3.9.0)
      rspec-expectations (~> 3.9.0)
      rspec-mocks (~> 3.9.0)
    rspec-core (3.9.0)
      rspec-support (~> 3.9.0)
    rspec-expectations (3.9.0)
      diff-lcs (>= 1.2.0, < 2.0)
      rspec-support (~> 3.9.0)
    rspec-mocks (3.9.0)
      diff-lcs (>= 1.2.0, < 2.0)
      rspec-support (~> 3.9.0)
    rspec-support (3.9.0)
    ruby2_keywords (0.0.1)
    safe_yaml (1.0.5)
    sinatra (2.0.8.1)
      mustermann (~> 1.0)
      rack (~> 2.0)
      rack-protection (= 2.0.8.1)
      tilt (~> 2.0)
    sinatra-contrib (2.0.8.1)
      backports (>= 2.8.2)
      multi_json
      mustermann (~> 1.0)
      rack-protection (= 2.0.8.1)
      sinatra (= 2.0.8.1)
      tilt (~> 2.0)
    sinatra-param (1.6.0)
      sinatra (>= 1.3)
    thor (1.0.1)
    tilt (2.0.10)
    vcr (5.1.0)
    webmock (3.8.3)
      addressable (>= 2.3.6)
      crack (>= 0.3.2)
      hashdiff (>= 0.4.0, < 2.0.0)

PLATFORMS
  ruby

DEPENDENCIES
  mixlib-install
  pry
  rack-test
  rspec
  sinatra
  sinatra-contrib
  sinatra-param
  vcr
  webmock

RUBY VERSION
   ruby 2.4.3p205

BUNDLED WITH
   1.16.3
